GEM
  remote: https://rubygems.org/
  specs:
    bson (4.8.2)
    json (2.3.0)
    mongo (2.12.1)
      bson (>= 4.8.2, < 5.0.0)
    rdoc (6.3.1)

PLATFORMS
  ruby
  x64-mingw32

DEPENDENCIES
  json
  mongo
  rdoc

BUNDLED WITH
   1.17.3
